GEM
  remote: https://rubygems.org/
  specs:
    cardano-up (0.1.4)
      docopt (~> 0.6.1)
      file-tail (~> 1.2.0)
      httparty (~> 0.21.0)
      rubyzip (~> 2.3.2)
    docopt (0.6.1)
    file-tail (1.2.0)
      tins (~> 1.0)
    httparty (0.21.0)
      mini_mime (>= 1.0.0)
      multi_xml (>= 0.5.2)
    mini_mime (1.1.2)
    multi_xml (0.6.0)
    rubyzip (2.3.2)
    sync (0.5.0)
    tins (1.32.1)
      sync

PLATFORMS
  ruby

DEPENDENCIES
  cardano-up (~> 0.1.4)

BUNDLED WITH
   2.1.4
