GEM
  remote: https://rubygems.org/
  specs:
    cardano-up (0.1.2)
      docopt (~> 0.6.1)
      file-tail (~> 1.2.0)
      httparty (~> 0.18.0)
      rubyzip (~> 2.3.2)
    docopt (0.6.1)
    file-tail (1.2.0)
      tins (~> 1.0)
    httparty (0.18.1)
      mime-types (~> 3.0)
      multi_xml (>= 0.5.2)
    mime-types (3.4.1)
      mime-types-data (~> 3.2015)
    mime-types-data (3.2022.0105)
    multi_xml (0.6.0)
    rubyzip (2.3.2)
    sync (0.5.0)
    tins (1.31.1)
      sync

PLATFORMS
  ruby

DEPENDENCIES
  cardano-up (~> 0.1.2)

BUNDLED WITH
   2.1.4
